GEM
  remote: https://rubygems.org/
  specs:
    docile (1.3.1)
    git (1.4.0)
    json (2.1.0)
    metaclass (0.0.4)
    minitest (5.10.1)
    mocha (1.2.1)
      metaclass (~> 0.0.1)
    rack (2.0.1)
    rack-test (0.6.3)
      rack (>= 1.0)
    rake (12.0.0)
    simplecov (0.16.1)
      docile (~> 1.1)
      json (>= 1.8, < 3)
      simplecov-html (~> 0.10.0)
    simplecov-html (0.10.2)

PLATFORMS
  ruby

DEPENDENCIES
  git
  minitest
  mocha
  rack-test
  rake
  simplecov

BUNDLED WITH
   1.16.1
